GEM
  remote: https://rubygems.org/
  specs:
    colorize (1.1.0)
    minitest (5.25.5)
    mocha (2.7.1)
      ruby2_keywords (>= 0.0.5)
    rake (13.2.1)
    ruby2_keywords (0.0.5)

PLATFORMS
  x64-mingw-ucrt
  x86_64-linux

DEPENDENCIES
  colorize
  minitest
  mocha
  rake

BUNDLED WITH
   2.6.9
